GEM
  remote: https://rubygems.org/
  specs:
    mini_portile (0.6.2)
    nokogiri (1.6.6.2)
      mini_portile (~> 0.6.0)
    rack (1.5.2)
    rack-protection (1.5.3)
      rack
    shotgun (0.9)
      rack (>= 1.0)
    sinatra (1.4.5)
      rack (~> 1.4)
      rack-protection (~> 1.4)
      tilt (~> 1.3, >= 1.3.4)
    sqlite3 (1.3.9)
    tilt (1.4.1)

PLATFORMS
  ruby

DEPENDENCIES
  nokogiri
  shotgun (>= 0.9)
  sinatra (>= 1.4.5)
  sqlite3 (>= 1.3.9)
